GIT
  remote: git://github.com/bdesham/inline_highlight.git
  revision: 9ddae807ac65a3b2414b1e1fbefce3d80beba6a2
  specs:
    jekyll_inline_highlight (3.0)
      jekyll (~> 3.0)

GEM
  remote: https://rubygems.org/
  specs:
    activesupport (4.2.6)
      i18n (~> 0.7)
      json (~> 1.7, >= 1.7.7)
      minitest (~> 5.1)
      thread_safe (~> 0.3, >= 0.3.4)
      tzinfo (~> 1.1)
    addressable (2.4.0)
    coffee-script (2.4.1)
      coffee-script-source
      execjs
    coffee-script-source (1.10.0)
    colorator (0.1)
    colored (1.2)
    concurrent-ruby (1.0.2)
    ethon (0.9.0)
      ffi (>= 1.3.0)
    execjs (2.7.0)
    extras (0.1.0)
      forwardable-extended (~> 2.5)
    fastimage (2.0.0)
      addressable (~> 2)
    ffi (1.9.10)
    forwardable-extended (2.6.0)
    gemoji (2.1.0)
    haml (4.0.7)
      tilt
    html-pipeline (2.4.1)
      activesupport (>= 2, < 5)
      nokogiri (>= 1.4)
    html-proofer (3.0.6)
      activesupport (~> 4.2)
      addressable (~> 2.3)
      colored (~> 1.2)
      mercenary (~> 0.3.2)
      nokogiri (~> 1.5)
      parallel (~> 1.3)
      typhoeus (~> 0.7)
      yell (~> 2.0)
    i18n (0.7.0)
    jekyll (3.1.6)
      colorator (~> 0.1)
      jekyll-sass-converter (~> 1.0)
      jekyll-watch (~> 1.1)
      kramdown (~> 1.3)
      liquid (~> 3.0)
      mercenary (~> 0.3.3)
      rouge (~> 1.7)
      safe_yaml (~> 1.0)
    jekyll-assets (2.2.7)
      extras (~> 0.1)
      fastimage (~> 2.0, >= 1.8)
      jekyll (~> 3.1, >= 3.0)
      pathutil (>= 0.8)
      sprockets (~> 3.3)
    jekyll-avatar (0.4.0)
      jekyll (~> 3.0)
    jekyll-coffeescript (1.0.1)
      coffee-script (~> 2.2)
    jekyll-feed (0.5.1)
    jekyll-haml (0.1.4)
      haml (>= 3.0.0)
      jekyll (>= 0.10.0)
    jekyll-mentions (1.1.2)
      html-pipeline (~> 2.3)
      jekyll (~> 3.0)
    jekyll-sass-converter (1.4.0)
      sass (~> 3.4)
    jekyll-seo-tag (2.0.0)
      jekyll (~> 3.1)
    jekyll-sitemap (0.10.0)
    jekyll-watch (1.4.0)
      listen (~> 3.0, < 3.1)
    jemoji (0.6.2)
      gemoji (~> 2.0)
      html-pipeline (~> 2.2)
      jekyll (>= 3.0)
    json (1.8.3)
    kramdown (1.11.1)
    liquid (3.0.6)
    listen (3.0.8)
      rb-fsevent (~> 0.9, >= 0.9.4)
      rb-inotify (~> 0.9, >= 0.9.7)
    mercenary (0.3.6)
    mini_portile2 (2.1.0)
    minitest (5.9.0)
    nokogiri (1.6.8)
      mini_portile2 (~> 2.1.0)
      pkg-config (~> 1.1.7)
    parallel (1.9.0)
    pathutil (0.14.0)
      forwardable-extended (~> 2.6)
    pkg-config (1.1.7)
    rack (1.6.4)
    rb-fsevent (0.9.7)
    rb-inotify (0.9.7)
      ffi (>= 0.5.0)
    rouge (1.11.0)
    safe_yaml (1.0.4)
    sass (3.4.22)
    sprockets (3.6.0)
      concurrent-ruby (~> 1.0)
      rack (> 1, < 3)
    thread_safe (0.3.5)
    tilt (2.0.5)
    typhoeus (0.8.0)
      ethon (>= 0.8.0)
    tzinfo (1.2.2)
      thread_safe (~> 0.1)
    yell (2.0.6)

PLATFORMS
  ruby

DEPENDENCIES
  html-proofer
  jekyll
  jekyll-assets
  jekyll-avatar
  jekyll-coffeescript
  jekyll-feed
  jekyll-haml
  jekyll-mentions
  jekyll-seo-tag
  jekyll-sitemap
  jekyll_inline_highlight!
  jemoji
  nokogiri

BUNDLED WITH
   1.12.5
